REDIRECTS: ON
RESTRICTION: >= net45

GROUP tests
RESTRICTION: >= net45
NUGET
  remote: https://www.nuget.org/api/v2
    Foq (1.7.2)
